GEM
  remote: https://rubygems.org/
  specs:
    byebug (11.1.3)
    ruby2d (0.12.1)

PLATFORMS
  x64-mingw-ucrt

DEPENDENCIES
  byebug (~> 11.1, >= 11.1.3)
  ruby2d (~> 0.12.1)

BUNDLED WITH
   2.4.5
